GEM
  remote: http://rubygems.org/
  specs:
    bio (1.4.1.5000)
    git (1.2.5)
    jeweler (1.6.0)
      bundler (~> 1.0.0)
      git (>= 1.2.5)
      rake
    libxml-ruby (2.0.5)
    rake (0.8.7)
    rcov (0.9.9)
    shoulda (2.11.3)

PLATFORMS
  ruby

DEPENDENCIES
  bio (>= 1.4.1)
  bundler (~> 1.0.0)
  jeweler (~> 1.6.0)
  libxml-ruby (>= 2.0.5)
  rcov
  shoulda
